GEM
  remote: https://rubygems.org/
  specs:
    amq-protocol (1.9.2)
    bunny (1.7.1)
      amq-protocol (~> 1.9.2)

PLATFORMS
  ruby

DEPENDENCIES
  bunny (~> 1.7)

BUNDLED WITH
   1.13.7
